GEM
  remote: https://rubygems.org/
  specs:
    ast (2.4.2)
    axiom-types (0.1.1)
      descendants_tracker (~> 0.0.4)
      ice_nine (~> 0.11.0)
      thread_safe (~> 0.3, >= 0.3.1)
    coercible (1.0.0)
      descendants_tracker (~> 0.0.1)
    descendants_tracker (0.0.4)
      thread_safe (~> 0.3, >= 0.3.1)
    dotenv (2.7.6)
    dry-inflector (0.2.1)
    faraday (1.0.1)
      multipart-post (>= 1.2, < 3)
    faraday-net_http (2.0.1)
    faraday_middleware (1.2.0)
      faraday (~> 1.0)
    ice_nine (0.11.2)
    inflecto (0.0.2)
    multipart-post (2.1.1)
    parallel (1.22.1)
    parser (3.1.1.0)
      ast (~> 2.4.1)
    rainbow (3.1.1)
    regexp_parser (2.2.1)
    rexml (3.2.5)
    rubocop (1.26.1)
      parallel (~> 1.10)
      parser (>= 3.1.0.0)
      rainbow (>= 2.2.2, < 4.0)
      regexp_parser (>= 1.8, < 3.0)
      rexml
      rubocop-ast (>= 1.16.0, < 2.0)
      ruby-progressbar (~> 1.7)
      unicode-display_width (>= 1.4.0, < 3.0)
    rubocop-ast (1.16.0)
      parser (>= 3.1.1.0)
    ruby-progressbar (1.11.0)
    telegram-bot-ruby (0.12.0)
      faraday
      inflecto
      virtus
    thread_safe (0.3.6)
    unicode-display_width (2.1.0)
    virtus (2.0.0)
      axiom-types (~> 0.1)
      coercible (~> 1.0)
      descendants_tracker (~> 0.0, >= 0.0.3)

PLATFORMS
  x86_64-linux

DEPENDENCIES
  dotenv (~> 2.7)
  dry-inflector (~> 0.2.1)
  faraday (~> 1.0.0)
  faraday-net_http (~> 2.0.1)
  faraday_middleware (~> 1.2)
  inflecto (~> 0.0.2)
  rubocop (~> 1.26.1)
  telegram-bot-ruby (~> 0.12.0)

BUNDLED WITH
   2.3.10
